GEM
  remote: https://rubygems.org/
  specs:
    haml (5.2.0)
      temple (>= 0.8.0)
      tilt
    hashie (4.1.0)
    inflecto (0.0.2)
    nio4r (2.5.4)
    oj (3.10.15)
    puma (5.0.3)
      nio4r (~> 2.0)
    rack (2.2.6.3)
    roda (3.37.0)
      rack
    temple (0.8.2)
    tilt (2.0.10)

PLATFORMS
  ruby

DEPENDENCIES
  haml
  hashie
  inflecto
  oj
  puma
  rack
  roda

BUNDLED WITH
   2.1.4
